RESTRICTION: == net461
NUGET
  remote: https://www.nuget.org/api/v2
    FSharp.Core (4.3.3)
    Newtonsoft.Json (10.0.3)
    SwaggerProvider (0.10.0-beta03)
      FSharp.Core (>= 4.0)
      Newtonsoft.Json (>= 10.0.3 < 10.1)
      YamlDotNet (>= 4.3 < 5.0)
    YamlDotNet (4.3)

GROUP Build
NUGET
  remote: https://www.nuget.org/api/v2
    FAKE (4.64.4)
